GEM
  remote: https://rubygems.org/
  specs:
    ceedling (0.28.3)
      constructor (>= 1.0.4)
      rake (>= 0.8.7)
      thor (>= 0.14.5)
    constructor (2.0.0)
    rake (12.3.3)
    thor (0.20.3)

PLATFORMS
  ruby

DEPENDENCIES
  ceedling

BUNDLED WITH
   1.17.2
